GIT
  remote: https://github.com/voxpupuli/modulesync.git
  revision: 5d5be63411f82fbed6106b99cb64dc3d585ae50d
  branch: master
  specs:
    modulesync (0.7.2)
      git (~> 1.3)
      puppet-blacksmith (~> 3.0)
      thor

GEM
  remote: https://rubygems.org/
  specs:
    ast (2.3.0)
    domain_name (0.5.20170404)
      unf (>= 0.0.5, < 1.0.0)
    facter (2.4.6-x64-mingw32)
      ffi (~> 1.9.5)
      win32-dir (~> 0.4.8)
      win32-security (~> 0.2.5)
    fast_gettext (1.1.0)
    ffi (1.9.18-x64-mingw32)
    gettext (3.2.2)
      locale (>= 2.0.5)
      text (>= 1.3.0)
    gettext-setup (0.23)
      fast_gettext (~> 1.1.0)
      gettext (>= 3.0.2)
      locale
    git (1.3.0)
    hiera (3.3.1-x64-mingw32)
      win32-dir (~> 0.4.8)
    http-cookie (1.0.3)
      domain_name (~> 0.5)
    json_pure (1.8.6)
    locale (2.1.2)
    mime-types (2.99.3)
    minitar (0.6.1)
    netrc (0.11.0)
    parser (2.4.0.0)
      ast (~> 2.2)
    powerpack (0.1.1)
    puppet (4.10.0-x64-mingw32)
      facter (> 2.0, < 4)
      ffi (~> 1.9.6)
      gettext-setup (>= 0.10, < 1)
      hiera (>= 2.0, < 4)
      json_pure (~> 1.8)
      locale (~> 2.1)
      minitar (~> 0.6.1)
      win32-dir (= 0.4.9)
      win32-eventlog (= 0.6.5)
      win32-process (= 0.7.5)
      win32-security (= 0.2.5)
      win32-service (= 0.8.8)
    puppet-blacksmith (3.4.0)
      puppet (>= 2.7.16)
      rest-client (~> 1.8.0)
    rainbow (2.2.1)
    rake (12.0.0)
    rest-client (1.8.0-x64-mingw32)
      ffi (~> 1.9)
      http-cookie (>= 1.0.2, < 2.0)
      mime-types (>= 1.16, < 3.0)
      netrc (~> 0.7)
    rubocop (0.48.1)
      parser (>= 2.3.3.1, < 3.0)
      powerpack (~> 0.1)
      rainbow (>= 1.99.1, < 3.0)
      ruby-progressbar (~> 1.7)
      unicode-display_width (~> 1.0, >= 1.0.1)
    ruby-progressbar (1.8.1)
    text (1.3.1)
    thor (0.19.4)
    unf (0.1.4)
      unf_ext
    unf_ext (0.0.7.4-x64-mingw32)
    unicode-display_width (1.2.1)
    win32-dir (0.4.9)
      ffi (>= 1.0.0)
    win32-eventlog (0.6.5)
      ffi
    win32-process (0.7.5)
      ffi (>= 1.0.0)
    win32-security (0.2.5)
      ffi
    win32-service (0.8.8)
      ffi

PLATFORMS
  x64-mingw32

DEPENDENCIES
  modulesync!
  rake
  rubocop

BUNDLED WITH
   1.15.1
